GEM
  remote: https://rubygems.org/
  specs:
    rb-fsevent (0.9.4)
    sass (3.4.6)

PLATFORMS
  ruby

DEPENDENCIES
  rb-fsevent
  sass (>= 3.4.5)
